GEM
  remote: https://rubygems.org/
  specs:
    activesupport (4.2.6)
      i18n (~> 0.7)
      json (~> 1.7, >= 1.7.7)
      minitest (~> 5.1)
      thread_safe (~> 0.3, >= 0.3.4)
      tzinfo (~> 1.1)
    addressable (2.4.0)
    bitters (1.3.1)
      bourbon (>= 5.0.0.beta.3)
      sass (~> 3.4)
      thor (~> 0.19)
    blankslate (2.1.2.4)
    bourbon (5.0.0.beta.4)
      sass (~> 3.4)
      thor (~> 0.19)
    classifier-reborn (2.0.4)
      fast-stemmer (~> 1.0)
    coffee-script (2.4.1)
      coffee-script-source
      execjs
    coffee-script-source (1.10.0)
    colorator (0.1)
    colored (1.2)
    ethon (0.8.1)
      ffi (>= 1.3.0)
    execjs (2.6.0)
    faraday (0.9.2)
      multipart-post (>= 1.2, < 3)
    fast-stemmer (1.0.2)
    ffi (1.9.10)
    html-proofer (3.0.4)
      activesupport (~> 4.2)
      addressable (~> 2.3)
      colored (~> 1.2)
      mercenary (~> 0.3.2)
      nokogiri (~> 1.5)
      parallel (~> 1.3)
      typhoeus (~> 0.7)
      yell (~> 2.0)
    i18n (0.7.0)
    jekyll (2.4.0)
      classifier-reborn (~> 2.0)
      colorator (~> 0.1)
      jekyll-coffeescript (~> 1.0)
      jekyll-gist (~> 1.0)
      jekyll-paginate (~> 1.0)
      jekyll-sass-converter (~> 1.0)
      jekyll-watch (~> 1.1)
      kramdown (~> 1.3)
      liquid (~> 2.6.1)
      mercenary (~> 0.3.3)
      pygments.rb (~> 0.6.0)
      redcarpet (~> 3.1)
      safe_yaml (~> 1.0)
      toml (~> 0.1.0)
    jekyll-coffeescript (1.0.1)
      coffee-script (~> 2.2)
    jekyll-gist (1.4.0)
      octokit (~> 4.2)
    jekyll-paginate (1.1.0)
    jekyll-sass-converter (1.4.0)
      sass (~> 3.4)
    jekyll-watch (1.3.1)
      listen (~> 3.0)
    json (1.8.3)
    kramdown (1.10.0)
    liquid (2.6.3)
    listen (3.0.6)
      rb-fsevent (>= 0.9.3)
      rb-inotify (>= 0.9.7)
    mercenary (0.3.5)
    mini_portile2 (2.0.0)
    minitest (5.8.4)
    multipart-post (2.0.0)
    neat (1.7.4)
      bourbon (>= 4.0)
      sass (>= 3.3)
    nokogiri (1.6.7.2)
      mini_portile2 (~> 2.0.0.rc2)
    octokit (4.3.0)
      sawyer (~> 0.7.0, >= 0.5.3)
    parallel (1.6.2)
    parslet (1.5.0)
      blankslate (~> 2.0)
    posix-spawn (0.3.11)
    pygments.rb (0.6.3)
      posix-spawn (~> 0.3.6)
      yajl-ruby (~> 1.2.0)
    rake (11.1.1)
    rb-fsevent (0.9.7)
    rb-inotify (0.9.7)
      ffi (>= 0.5.0)
    redcarpet (3.3.4)
    safe_yaml (1.0.4)
    sass (3.4.21)
    sawyer (0.7.0)
      addressable (>= 2.3.5, < 2.5)
      faraday (~> 0.8, < 0.10)
    thor (0.19.1)
    thread_safe (0.3.5)
    toml (0.1.2)
      parslet (~> 1.5.0)
    typhoeus (0.8.0)
      ethon (>= 0.8.0)
    tzinfo (1.2.2)
      thread_safe (~> 0.1)
    yajl-ruby (1.2.1)
    yell (2.0.5)

PLATFORMS
  ruby

DEPENDENCIES
  bitters
  bourbon
  html-proofer
  jekyll (= 2.4.0)
  neat
  pygments.rb
  rake
  sass

BUNDLED WITH
   1.11.2
